PATH
  remote: .
  specs:
    transitions (0.0.9)

GEM
  remote: http://rubygems.org/
  specs:
    activemodel (3.0.3)
      activesupport (= 3.0.3)
      builder (~> 2.1.2)
      i18n (~> 0.4)
    activerecord (3.0.3)
      activemodel (= 3.0.3)
      activesupport (= 3.0.3)
      arel (~> 2.0.2)
      tzinfo (~> 0.3.23)
    activesupport (3.0.3)
    arel (2.0.4)
    builder (2.1.2)
    i18n (0.4.2)
    mocha (0.9.9)
      rake
    rake (0.8.7)
    sqlite3-ruby (1.3.2)
    test-unit (2.1.1)
    tzinfo (0.3.23)

PLATFORMS
  ruby

DEPENDENCIES
  activerecord (~> 3)
  bundler (~> 1)
  mocha
  sqlite3-ruby
  test-unit (~> 2)
  transitions!
